GEM
  remote: http://rubygems.org/
  specs:
    actionpack (2.3.8)
      activesupport (= 2.3.8)
      rack (~> 1.1.0)
    activesupport (2.3.8)
    addressable (2.2.0)
    attempt (0.2.0)
      structured_warnings
    bson (1.0.4)
    bson_ext (1.0.4)
    daemons (1.1.0)
    eventmachine (0.12.10)
    haml (3.0.17)
    jnunemaker-validatable (1.8.4)
      activesupport (>= 2.3.4)
    json (1.4.6)
    mongo (1.0.7)
      bson (>= 1.0.4)
    mongo_mapper (0.8.3)
      activesupport (>= 2.3.4)
      jnunemaker-validatable (~> 1.8.4)
      plucky (~> 0.3.3)
    plucky (0.3.4)
      mongo (~> 1.0.7)
    rack (1.1.0)
    shotgun (0.8)
      rack (>= 1.0)
    sinatra (1.0)
      rack (>= 1.0)
    sinatra-content-for (0.2)
      sinatra
    structured_warnings (0.1.3)
    thin (1.2.7)
      daemons (>= 1.0.9)
      eventmachine (>= 0.12.6)
      rack (>= 1.0.0)
    twitter-text (1.1.6)
      actionpack
    yui-compressor (0.9.1)

PLATFORMS
  ruby

DEPENDENCIES
  addressable
  attempt
  bson_ext
  haml
  json
  mongo_mapper
  shotgun
  sinatra (>= 1.0)
  sinatra-content-for
  thin
  twitter-text
  yui-compressor
